GEM
  remote: https://rubygems.org/
  specs:
    faker (1.6.6)
      i18n (~> 0.5)
    i18n (0.7.0)
    json (2.0.2)
    rack (1.6.4)
    sinatra (1.1.0)
      rack (~> 1.1)
      tilt (~> 1.1)
    tilt (1.4.1)

PLATFORMS
  ruby

DEPENDENCIES
  faker (= 1.6.6)
  json (= 2.0.2)
  sinatra (= 1.1.0)

RUBY VERSION
   ruby 2.3.1p112

BUNDLED WITH
   1.13.5
